GIT
  remote: https://github.com/github/gemoji.git
  revision: f394c85d80b3ed7a1146683a72c13e4e8985f6ce
  specs:
    gemoji (3.0.0.rc1)

GEM
  remote: https://rubygems.org/
  specs:

PLATFORMS
  ruby

DEPENDENCIES
  gemoji!

BUNDLED WITH
   1.13.6
